GEM
  remote: https://rubygems.org/
  specs:
    action_policy (0.6.7)
      ruby-next-core (>= 0.14.0)
    action_policy-graphql (0.5.3)
      action_policy (>= 0.5.0)
      graphql (>= 1.9.3)
      ruby-next-core (>= 0.10.0)
    actioncable (7.1.2)
      actionpack (= 7.1.2)
      activesupport (= 7.1.2)
      nio4r (~> 2.0)
      websocket-driver (>= 0.6.1)
      zeitwerk (~> 2.6)
    actionmailbox (7.1.2)
      actionpack (= 7.1.2)
      activejob (= 7.1.2)
      activerecord (= 7.1.2)
      activestorage (= 7.1.2)
      activesupport (= 7.1.2)
      mail (>= 2.7.1)
      net-imap
      net-pop
      net-smtp
    actionmailer (7.1.2)
      actionpack (= 7.1.2)
      actionview (= 7.1.2)
      activejob (= 7.1.2)
      activesupport (= 7.1.2)
      mail (~> 2.5, >= 2.5.4)
      net-imap
      net-pop
      net-smtp
      rails-dom-testing (~> 2.2)
    actionpack (7.1.2)
      actionview (= 7.1.2)
      activesupport (= 7.1.2)
      nokogiri (>= 1.8.5)
      racc
      rack (>= 2.2.4)
      rack-session (>= 1.0.1)
      rack-test (>= 0.6.3)
      rails-dom-testing (~> 2.2)
      rails-html-sanitizer (~> 1.6)
    actiontext (7.1.2)
      actionpack (= 7.1.2)
      activerecord (= 7.1.2)
      activestorage (= 7.1.2)
      activesupport (= 7.1.2)
      globalid (>= 0.6.0)
      nokogiri (>= 1.8.5)
    actionview (7.1.2)
      activesupport (= 7.1.2)
      builder (~> 3.1)
      erubi (~> 1.11)
      rails-dom-testing (~> 2.2)
      rails-html-sanitizer (~> 1.6)
    activejob (7.1.2)
      activesupport (= 7.1.2)
      globalid (>= 0.3.6)
    activemodel (7.1.2)
      activesupport (= 7.1.2)
    activerecord (7.1.2)
      activemodel (= 7.1.2)
      activesupport (= 7.1.2)
      timeout (>= 0.4.0)
    activestorage (7.1.2)
      actionpack (= 7.1.2)
      activejob (= 7.1.2)
      activerecord (= 7.1.2)
      activesupport (= 7.1.2)
      marcel (~> 1.0)
    activesupport (7.1.2)
      base64
      bigdecimal
      concurrent-ruby (~> 1.0, >= 1.0.2)
      connection_pool (>= 2.2.5)
      drb
      i18n (>= 1.6, < 2)
      minitest (>= 5.1)
      mutex_m
      tzinfo (~> 2.0)
    addressable (2.8.6)
      public_suffix (>= 2.0.2, < 6.0)
    after_commit_everywhere (1.3.1)
      activerecord (>= 4.2)
      activesupport
    alba (3.0.2)
    anyway_config (2.5.4)
      ruby-next-core (>= 0.14.0)
    ar_lazy_preload (2.0.0)
    arrayfields (4.9.2)
    ast (2.4.2)
    attractor (2.6.0)
      churn (>= 1.0.4)
      descriptive_statistics
      flog (~> 4.0)
      launchy
      listen (~> 3.0)
      rack-livereload
      sinatra
      thor
      tilt
    awesome_print (1.9.2)
    base64 (0.2.0)
    bcrypt (3.1.20)
    benchmark-ips (2.12.0)
    bigdecimal (3.1.4)
    bindex (0.8.1)
    bootsnap (1.17.0)
      msgpack (~> 1.2)
    brakeman (6.1.0)
    builder (3.2.4)
    bundler-audit (0.9.1)
      bundler (>= 1.2.0, < 3)
      thor (~> 1.0)
    capybara (3.39.2)
      addressable
      matrix
      mini_mime (>= 0.1.3)
      nokogiri (~> 1.8)
      rack (>= 1.6.0)
      rack-test (>= 0.6.3)
      regexp_parser (>= 1.5, < 3.0)
      xpath (~> 3.2)
    chronic (0.10.2)
    churn (1.0.8)
      chronic (>= 0.2.3)
      hirb
      main
      ruby_parser (~> 3.0)
      sexp_processor (~> 4.1)
    claide (1.1.0)
    claide-plugins (0.9.2)
      cork
      nap
      open4 (~> 1.3)
    colored2 (3.1.2)
    colorize (1.1.0)
    concurrent-ruby (1.2.2)
    connection_pool (2.4.1)
    cork (0.3.0)
      colored2 (~> 3.1)
    crack (0.4.5)
      rexml
    crass (1.0.6)
    css_parser (1.16.0)
      addressable
    cuprite (0.15)
      capybara (~> 3.0)
      ferrum (~> 0.14.0)
    danger (9.4.1)
      claide (~> 1.0)
      claide-plugins (>= 0.9.2)
      colored2 (~> 3.1)
      cork (~> 0.1)
      faraday (>= 0.9.0, < 3.0)
      faraday-http-cache (~> 2.0)
      git (~> 1.13)
      kramdown (~> 2.3)
      kramdown-parser-gfm (~> 1.0)
      no_proxy_fix
      octokit (>= 6.0)
      terminal-table (>= 1, < 4)
    database_validations (1.1.1)
      activerecord (>= 4.2.0)
    date (3.3.4)
    dead_end (4.0.0)
    derailed_benchmarks (2.1.2)
      benchmark-ips (~> 2)
      dead_end
      get_process_mem (~> 0)
      heapy (~> 0)
      memory_profiler (>= 0, < 2)
      mini_histogram (>= 0.3.0)
      rack (>= 1)
      rack-test
      rake (> 10, < 14)
      ruby-statistics (>= 2.1)
      thor (>= 0.19, < 2)
    descriptive_statistics (2.5.1)
    devise (4.9.3)
      bcrypt (~> 3.0)
      orm_adapter (~> 0.1)
      railties (>= 4.1.0)
      responders
      warden (~> 1.2.3)
    devise-pwned_password (0.1.10)
      devise (~> 4)
      pwned (~> 2.0.0)
    diff-lcs (1.5.0)
    discard (1.3.0)
      activerecord (>= 4.2, < 8)
    docile (1.4.0)
    drb (2.2.0)
      ruby2_keywords
    dry-cli (1.0.0)
    dry-core (1.0.1)
      concurrent-ruby (~> 1.0)
      zeitwerk (~> 2.6)
    dry-effects (0.4.0)
      concurrent-ruby (~> 1.0)
      dry-core (~> 1.0)
      dry-inflector (~> 1.0)
      dry-initializer (~> 3.0)
      zeitwerk (~> 2.6)
    dry-inflector (1.0.0)
    dry-initializer (3.1.1)
    dry-monads (1.6.0)
      concurrent-ruby (~> 1.0)
      dry-core (~> 1.0, < 2)
      zeitwerk (~> 2.6)
    erubi (1.12.0)
    et-orbi (1.2.7)
      tzinfo
    evil-seed (0.5.0)
      activerecord (>= 5.0)
    execjs (2.9.1)
    factory_bot (6.4.2)
      activesupport (>= 5.0.0)
    faktory_worker_ruby (1.3.0)
      connection_pool (~> 2.2, >= 2.2.2)
    faraday (2.7.12)
      base64
      faraday-net_http (>= 2.0, < 3.1)
      ruby2_keywords (>= 0.0.4)
    faraday-http-cache (2.5.0)
      faraday (>= 0.8)
    faraday-net_http (3.0.2)
    faraday-retry (2.2.0)
      faraday (~> 2.0)
    fattr (2.4.0)
    feature_toggles (1.2.1)
    ferrum (0.14)
      addressable (~> 2.5)
      concurrent-ruby (~> 1.1)
      webrick (~> 1.7)
      websocket-driver (>= 0.6, < 0.8)
    ffi (1.16.3)
    flog (4.8.0)
      path_expander (~> 1.0)
      ruby_parser (~> 3.1, > 3.1.0)
      sexp_processor (~> 4.8)
    fugit (1.9.0)
      et-orbi (~> 1, >= 1.2.7)
      raabro (~> 1.4)
    fuubar (2.5.1)
      rspec-core (~> 3.0)
      ruby-progressbar (~> 1.4)
    fx (0.8.0)
      activerecord (>= 6.0.0)
      railties (>= 6.0.0)
    get_process_mem (0.2.7)
      ffi (~> 1.0)
    git (1.18.0)
      addressable (~> 2.8)
      rchardet (~> 1.8)
    globalid (1.2.1)
      activesupport (>= 6.1)
    graphql (2.1.7)
      racc (~> 1.4)
    graphql-connections (1.4.0)
      activerecord (>= 5)
      graphql (>= 1.10, < 3.0)
    graphql-fragment_cache (1.19.0)
      graphql (>= 1.12.0)
      ruby-next (>= 0.10.0)
    graphql-persisted_queries (1.7.0)
      graphql (>= 1.12)
    grit (2.5.0)
      diff-lcs (~> 1.1)
      mime-types (~> 1.15)
      posix-spawn (~> 0.3.6)
    groupdate (6.4.0)
      activesupport (>= 6.1)
    haml (6.2.4)
      temple (>= 0.8.2)
      thor
      tilt
    hashdiff (1.0.1)
    heapy (0.2.0)
      thor
    hirb (0.7.3)
    htmlbeautifier (1.4.2)
    htmlentities (4.3.4)
    i18n (1.14.1)
      concurrent-ruby (~> 1.0)
    imgproxy (2.1.0)
      anyway_config (>= 2.0.0)
    io-console (0.6.0)
    irb (1.10.1)
      rdoc
      reline (>= 0.3.8)
    isolator (1.0.1)
      sniffer (>= 0.5.0)
    jbuilder (2.11.5)
      actionview (>= 5.0.0)
      activesupport (>= 5.0.0)
    json (2.7.1)
    jwt (2.7.1)
    jwt_sessions (3.2.1)
      jwt (~> 2.6, < 3)
    karo (2.3.0)
      awesome_print
      grit
      thor
    kramdown (2.4.0)
      rexml
    kramdown-parser-gfm (1.1.0)
      kramdown (~> 2.0)
    language_server-protocol (3.17.0.3)
    launchy (2.5.2)
      addressable (~> 2.8)
    lint_roller (1.1.0)
    listen (3.8.0)
      rb-fsevent (~> 0.10, >= 0.10.3)
      rb-inotify (~> 0.9, >= 0.9.10)
    lograge (0.14.0)
      actionpack (>= 4)
      activesupport (>= 4)
      railties (>= 4)
      request_store (~> 1.0)
    loofah (2.22.0)
      crass (~> 1.0.2)
      nokogiri (>= 1.12.0)
    lookbook (2.2.0)
      activemodel
      css_parser
      htmlbeautifier (~> 1.3)
      htmlentities (~> 4.3.4)
      marcel (~> 1.0)
      railties (>= 5.0)
      redcarpet (~> 3.5)
      rouge (>= 3.26, < 5.0)
      view_component (>= 2.0)
      yard (~> 0.9.25)
      zeitwerk (~> 2.5)
    mail (2.8.1)
      mini_mime (>= 0.1.1)
      net-imap
      net-pop
      net-smtp
    main (6.3.0)
      arrayfields (~> 4.9, >= 4.9.2)
      chronic (~> 0.10, >= 0.10.2)
      fattr (~> 2.4, >= 2.4.0)
      map (~> 6.6, >= 6.6.0)
    map (6.6.0)
    marcel (1.0.2)
    matrix (0.4.2)
    memory_profiler (1.0.1)
    method_source (1.0.0)
    mime-types (1.25.1)
    mini_histogram (0.3.1)
    mini_mime (1.1.5)
    mini_portile2 (2.8.5)
    minitest (5.20.0)
    msgpack (1.7.2)
    mustermann (1.1.2)
      ruby2_keywords (~> 0.0.1)
    mutex_m (0.2.0)
    n_plus_one_control (0.7.1)
    nap (1.1.0)
    net-imap (0.4.7)
      date
      net-protocol
    net-pop (0.1.2)
      net-protocol
    net-protocol (0.2.2)
      timeout
    net-smtp (0.4.0)
      net-protocol
    next_rails (1.3.0)
      colorize (>= 0.8.1)
    nio4r (2.7.0)
    no_proxy_fix (0.1.2)
    nokogiri (1.15.5)
      mini_portile2 (~> 2.8.2)
      racc (~> 1.4)
    octokit (8.0.0)
      faraday (>= 1, < 3)
      sawyer (~> 0.9)
    oj (3.16.2)
      bigdecimal (~> 3.1)
    open4 (1.3.4)
    orm_adapter (0.5.0)
    panko_serializer (0.8.1)
      activesupport
      oj (> 3.11.0, < 4.0.0)
    parallel (1.23.0)
    parser (3.2.2.4)
      ast (~> 2.4.1)
      racc
    password_blocklist (0.5.0)
    pastel (0.8.0)
      tty-color (~> 0.5)
    path_expander (1.1.1)
    posix-spawn (0.3.15)
    premailer (1.21.0)
      addressable
      css_parser (>= 1.12.0)
      htmlentities (>= 4.0.0)
    premailer-rails (1.12.0)
      actionmailer (>= 3)
      net-smtp
      premailer (~> 1.7, >= 1.7.9)
    psych (5.1.1.1)
      stringio
    public_suffix (5.0.4)
    puma (6.4.0)
      nio4r (~> 2.0)
    pwned (2.0.2)
    raabro (1.4.0)
    racc (1.7.3)
    rack (2.2.8)
    rack-livereload (0.5.1)
      rack
    rack-mini-profiler (3.3.0)
      rack (>= 1.2.0)
    rack-protection (2.0.8.1)
      rack
    rack-proxy (0.7.7)
      rack
    rack-session (1.0.2)
      rack (< 3)
    rack-test (2.1.0)
      rack (>= 1.3)
    rackup (1.0.0)
      rack (< 3)
      webrick
    rails (7.1.2)
      actioncable (= 7.1.2)
      actionmailbox (= 7.1.2)
      actionmailer (= 7.1.2)
      actionpack (= 7.1.2)
      actiontext (= 7.1.2)
      actionview (= 7.1.2)
      activejob (= 7.1.2)
      activemodel (= 7.1.2)
      activerecord (= 7.1.2)
      activestorage (= 7.1.2)
      activesupport (= 7.1.2)
      bundler (>= 1.15.0)
      railties (= 7.1.2)
    rails-dom-testing (2.2.0)
      activesupport (>= 5.0.0)
      minitest
      nokogiri (>= 1.6)
    rails-html-sanitizer (1.6.0)
      loofah (~> 2.21)
      nokogiri (~> 1.14)
    railties (7.1.2)
      actionpack (= 7.1.2)
      activesupport (= 7.1.2)
      irb
      rackup (>= 1.0.0)
      rake (>= 12.2)
      thor (~> 1.0, >= 1.2.2)
      zeitwerk (~> 2.6)
    rainbow (3.1.1)
    rake (13.1.0)
    rb-fsevent (0.11.2)
    rb-inotify (0.10.1)
      ffi (~> 1.0)
    rchardet (1.8.0)
    rdoc (6.6.1)
      psych (>= 4.0.0)
    redcarpet (3.6.0)
    redis (5.0.8)
      redis-client (>= 0.17.0)
    redis-classy (2.4.1)
      redis-namespace (~> 1.0)
    redis-client (0.19.0)
      connection_pool
    redis-mutex (4.0.2)
      redis-classy (~> 2.0)
    redis-namespace (1.11.0)
      redis (>= 4)
    redlock (2.0.6)
      redis-client (>= 0.14.1, < 1.0.0)
    regexp_parser (2.8.3)
    reline (0.4.1)
      io-console (~> 0.5)
    request_store (1.5.1)
      rack (>= 1.4)
    responders (3.1.1)
      actionpack (>= 5.2)
      railties (>= 5.2)
    retriable (3.1.2)
    rexml (3.2.6)
    roda (3.74.0)
      rack
    rodauth (2.32.0)
      roda (>= 2.6.0)
      sequel (>= 4)
    rouge (4.2.0)
    rspec (3.12.0)
      rspec-core (~> 3.12.0)
      rspec-expectations (~> 3.12.0)
      rspec-mocks (~> 3.12.0)
    rspec-core (3.12.2)
      rspec-support (~> 3.12.0)
    rspec-expectations (3.12.3)
      diff-lcs (>= 1.2.0, < 2.0)
      rspec-support (~> 3.12.0)
    rspec-instafail (1.0.0)
      rspec
    rspec-mocks (3.12.6)
      diff-lcs (>= 1.2.0, < 2.0)
      rspec-support (~> 3.12.0)
    rspec-rails (6.1.0)
      actionpack (>= 6.1)
      activesupport (>= 6.1)
      railties (>= 6.1)
      rspec-core (~> 3.12)
      rspec-expectations (~> 3.12)
      rspec-mocks (~> 3.12)
      rspec-support (~> 3.12)
    rspec-support (3.12.1)
    rubocop (1.57.2)
      json (~> 2.3)
      language_server-protocol (>= 3.17.0)
      parallel (~> 1.10)
      parser (>= 3.2.2.4)
      rainbow (>= 2.2.2, < 4.0)
      regexp_parser (>= 1.8, < 3.0)
      rexml (>= 3.2.5, < 4.0)
      rubocop-ast (>= 1.28.1, < 2.0)
      ruby-progressbar (~> 1.7)
      unicode-display_width (>= 2.4.0, < 3.0)
    rubocop-ast (1.30.0)
      parser (>= 3.2.1.0)
    rubocop-capybara (2.19.0)
      rubocop (~> 1.41)
    rubocop-factory_bot (2.24.0)
      rubocop (~> 1.33)
    rubocop-performance (1.19.1)
      rubocop (>= 1.7.0, < 2.0)
      rubocop-ast (>= 0.4.0)
    rubocop-rails (2.22.2)
      activesupport (>= 4.2.0)
      rack (>= 1.1)
      rubocop (>= 1.33.0, < 2.0)
      rubocop-ast (>= 1.30.0, < 2.0)
    rubocop-rspec (2.25.0)
      rubocop (~> 1.40)
      rubocop-capybara (~> 2.17)
      rubocop-factory_bot (~> 2.22)
    ruby-next (0.15.3)
      ruby-next-core (= 0.15.3)
      ruby-next-parser (>= 3.1.1.0)
      unparser (~> 0.6.0)
    ruby-next-core (0.15.3)
    ruby-next-parser (3.2.2.0)
      parser (>= 3.0.3.1)
    ruby-progressbar (1.13.0)
    ruby-statistics (3.0.2)
    ruby2_keywords (0.0.5)
    ruby_audit (2.2.0)
      bundler-audit (~> 0.9.0)
    ruby_parser (3.20.3)
      sexp_processor (~> 4.16)
    rubyzip (2.3.2)
    rufus-scheduler (3.9.1)
      fugit (~> 1.1, >= 1.1.6)
    sassc (2.4.0)
      ffi (~> 1.9)
    sassc-rails (2.1.2)
      railties (>= 4.0.0)
      sassc (>= 2.0)
      sprockets (> 3.0)
      sprockets-rails
      tilt
    sawyer (0.9.2)
      addressable (>= 2.3.5)
      faraday (>= 0.17.3, < 3)
    scenic (1.7.0)
      activerecord (>= 4.0.0)
      railties (>= 4.0.0)
    schked (1.3.0)
      connection_pool (~> 2.0)
      redlock (> 1.0, < 3.0)
      rufus-scheduler (~> 3.0)
      thor
    selenium-webdriver (4.16.0)
      rexml (~> 3.2, >= 3.2.5)
      rubyzip (>= 1.2.2, < 3.0)
      websocket (~> 1.0)
    sequel (5.75.0)
      bigdecimal
    sexp_processor (4.17.0)
    sidekiq (7.2.0)
      concurrent-ruby (< 2)
      connection_pool (>= 2.3.0)
      rack (>= 2.2.4)
      redis-client (>= 0.14.0)
    sidekiq-grouping (1.3.0)
      activesupport
      concurrent-ruby
      sidekiq (>= 3.4.2)
    sidekiq-limit_fetch (4.4.1)
      sidekiq (>= 6)
    simplecov (0.22.0)
      docile (~> 1.1)
      simplecov-html (~> 0.11)
      simplecov_json_formatter (~> 0.1)
    simplecov-html (0.12.3)
    simplecov_json_formatter (0.1.4)
    sinatra (2.0.8.1)
      mustermann (~> 1.0)
      rack (~> 2.0)
      rack-protection (= 2.0.8.1)
      tilt (~> 2.0)
    site_prism (4.0.3)
      addressable (~> 2.8)
      capybara (~> 3.27)
      site_prism-all_there (~> 2.0)
    site_prism-all_there (2.0.2)
    slim (5.2.0)
      temple (~> 0.10.0)
      tilt (>= 2.1.0)
    sniffer (0.5.0)
      anyway_config (>= 1.0)
      dry-initializer (~> 3)
    spektr (0.4.1)
      erubi
      haml
      parser (>= 2.6.0)
      pastel
      ruby_parser (>= 3.0)
      slim
      tty-color
      tty-option
      tty-spinner
      tty-table
      zeitwerk (>= 2.6)
    spring (4.1.3)
    sprockets (4.2.1)
      concurrent-ruby (~> 1.0)
      rack (>= 2.2.4, < 4)
    sprockets-rails (3.4.2)
      actionpack (>= 5.2)
      activesupport (>= 5.2)
      sprockets (>= 3.0.0)
    sqlite3 (1.6.9)
      mini_portile2 (~> 2.8.0)
    stackprof (0.2.25)
    standard (1.32.1)
      language_server-protocol (~> 3.17.0.2)
      lint_roller (~> 1.0)
      rubocop (~> 1.57.2)
      standard-custom (~> 1.0.0)
      standard-performance (~> 1.2)
    standard-custom (1.0.2)
      lint_roller (~> 1.0)
      rubocop (~> 1.50)
    standard-performance (1.2.1)
      lint_roller (~> 1.1)
      rubocop-performance (~> 1.19.1)
    store_attribute (1.2.0)
      activerecord (>= 6.0)
    store_model (2.1.2)
      activerecord (>= 5.2)
    stringio (3.1.0)
    strings (0.2.1)
      strings-ansi (~> 0.2)
      unicode-display_width (>= 1.5, < 3.0)
      unicode_utils (~> 1.4)
    strings-ansi (0.2.0)
    strong_migrations (1.6.4)
      activerecord (>= 5.2)
    strong_password (0.0.10)
    temple (0.10.3)
    terminal-table (3.0.2)
      unicode-display_width (>= 1.1.1, < 3)
    terser (1.1.20)
      execjs (>= 0.3.0, < 3)
    thor (1.3.0)
    tilt (2.3.0)
    timeout (0.4.1)
    tty-color (0.6.0)
    tty-cursor (0.7.1)
    tty-option (0.3.0)
    tty-screen (0.8.1)
    tty-spinner (0.9.3)
      tty-cursor (~> 0.7)
    tty-table (0.12.0)
      pastel (~> 0.8)
      strings (~> 0.2.0)
      tty-screen (~> 0.8)
    turbo-rails (1.5.0)
      actionpack (>= 6.0.0)
      activejob (>= 6.0.0)
      railties (>= 6.0.0)
    turbolinks (5.2.1)
      turbolinks-source (~> 5.2)
    turbolinks-source (5.2.0)
    tzinfo (2.0.6)
      concurrent-ruby (~> 1.0)
    unicode-display_width (2.5.0)
    unicode_utils (1.4.0)
    unparser (0.6.10)
      diff-lcs (~> 1.3)
      parser (>= 3.2.2.4)
    vcr (6.2.0)
    view_component (3.8.0)
      activesupport (>= 5.2.0, < 8.0)
      concurrent-ruby (~> 1.0)
      method_source (~> 1.0)
    view_component-contrib (0.2.2)
      ruby-next-core (>= 0.15.0)
      view_component
    vite_rails (3.0.17)
      railties (>= 5.1, < 8)
      vite_ruby (~> 3.0, >= 3.2.2)
    vite_ruby (3.5.0)
      dry-cli (>= 0.7, < 2)
      rack-proxy (~> 0.6, >= 0.6.1)
      zeitwerk (~> 2.2)
    warden (1.2.9)
      rack (>= 2.0.9)
    web-console (4.2.1)
      actionview (>= 6.0.0)
      activemodel (>= 6.0.0)
      bindex (>= 0.4.0)
      railties (>= 6.0.0)
    webmock (3.19.1)
      addressable (>= 2.8.0)
      crack (>= 0.3.2)
      hashdiff (>= 0.4.0, < 2.0.0)
    webrick (1.8.1)
    websocket (1.2.10)
    websocket-driver (0.7.6)
      websocket-extensions (>= 0.1.0)
    websocket-extensions (0.1.5)
    with_model (2.1.7)
      activerecord (>= 6.0)
    xpath (3.2.0)
      nokogiri (~> 1.8)
    yabeda (0.12.0)
      anyway_config (>= 1.0, < 3)
      concurrent-ruby
      dry-initializer
    yabeda-puma-plugin (0.7.1)
      json
      puma
      yabeda (~> 0.5)
    yabeda-sidekiq (0.10.0)
      anyway_config (>= 1.3, < 3)
      sidekiq
      yabeda (~> 0.6)
    yard (0.9.34)
    zeitwerk (2.6.12)
    zonebie (0.6.1)

PLATFORMS
  ruby
  x86_64-darwin-16
  x86_64-linux

DEPENDENCIES
  action_policy
  action_policy-graphql
  after_commit_everywhere
  alba
  anyway_config
  ar_lazy_preload
  attractor
  bootsnap
  brakeman
  bundler-audit
  capybara
  cuprite
  danger
  database_validations
  derailed_benchmarks
  devise
  devise-pwned_password
  discard
  dry-effects
  dry-initializer
  dry-monads
  evil-seed
  factory_bot
  faktory_worker_ruby
  faraday-retry
  feature_toggles
  fuubar
  fx
  graphql
  graphql-connections
  graphql-fragment_cache
  graphql-persisted_queries
  groupdate
  imgproxy
  isolator
  jbuilder
  jwt_sessions
  karo
  listen
  lograge
  lookbook
  n_plus_one_control
  next_rails
  oj
  panko_serializer
  password_blocklist
  premailer-rails
  puma
  pwned
  rack-mini-profiler
  rails (= 7.1.2)
  redis-mutex
  retriable
  rodauth
  rspec-instafail
  rspec-rails
  rubocop-rails
  rubocop-rspec
  ruby_audit
  sassc-rails
  scenic
  schked
  selenium-webdriver
  sidekiq
  sidekiq-grouping
  sidekiq-limit_fetch
  simplecov
  sinatra (~> 2.0.0.beta2)
  site_prism
  spektr
  spring
  sqlite3
  stackprof
  standard
  store_attribute
  store_model
  strong_migrations
  strong_password
  terser
  turbo-rails
  turbolinks
  tzinfo-data
  vcr
  view_component
  view_component-contrib
  vite_rails
  web-console
  webmock
  with_model
  yabeda-puma-plugin
  yabeda-sidekiq
  zonebie

BUNDLED WITH
   2.5.0.dev
